GIT
  remote: git://github.com/hmans/flutterby-coffeescript.git
  revision: 485ff06ab659e1117fa2b5dbeddc0411fcabc0eb
  branch: master
  specs:
    flutterby-coffeescript (0.2.2)
      coffee-script (~> 2)

GIT
  remote: git://github.com/hmans/flutterby.git
  revision: 9d3c1690beb84886515a1480709b2201cfc2288f
  branch: master
  specs:
    flutterby (0.0.20)
      builder (~> 3.2)
      highline (~> 1.7)
      listen (~> 3.1)
      mime-types (~> 3.1)
      rack (~> 2.0)
      sass (~> 3.4)
      slim (~> 3.0)
      slodown (~> 0.3)
      thor (~> 0.19)
      tilt (~> 2.0)
      toml-rb (~> 0.3)

GEM
  remote: https://rubygems.org/
  specs:
    builder (3.2.2)
    citrus (3.0.2)
    coffee-script (2.4.1)
      coffee-script-source
      execjs
    coffee-script-source (1.12.2)
    crass (1.0.2)
    execjs (2.7.0)
    ffi (1.9.14)
    highline (1.7.8)
    kramdown (1.13.2)
    listen (3.1.5)
      rb-fsevent (~> 0.9, >= 0.9.4)
      rb-inotify (~> 0.9, >= 0.9.7)
      ruby_dep (~> 1.2)
    mime-types (3.1)
      mime-types-data (~> 3.2015)
    mime-types-data (3.2016.0521)
    mini_portile2 (2.1.0)
    nokogiri (1.7.0.1)
      mini_portile2 (~> 2.1.0)
    nokogumbo (1.4.10)
      nokogiri
    rack (2.0.1)
    rb-fsevent (0.9.8)
    rb-inotify (0.9.7)
      ffi (>= 0.5.0)
    rinku (2.0.2)
    ruby-oembed (0.10.1)
    ruby_dep (1.5.0)
    sanitize (4.4.0)
      crass (~> 1.0.2)
      nokogiri (>= 1.4.4)
      nokogumbo (~> 1.4.1)
    sass (3.4.23)
    slim (3.0.7)
      temple (~> 0.7.6)
      tilt (>= 1.3.3, < 2.1)
    slodown (0.3.0)
      kramdown (>= 1.5.0)
      rinku (>= 1.7.0)
      ruby-oembed (>= 0.9.0)
      sanitize (>= 2.0.0)
    temple (0.7.7)
    thor (0.19.4)
    tilt (2.0.5)
    toml-rb (0.3.15)
      citrus (~> 3.0, > 3.0)

PLATFORMS
  ruby

DEPENDENCIES
  flutterby!
  flutterby-coffeescript!

RUBY VERSION
   ruby 2.4.0p0

BUNDLED WITH
   1.13.7
