PATH
  remote: ~/src/flutterby
  specs:
    flutterby (0.0.1)
      rack
      sass
      slim
      slodown
      tilt
      toml-rb

GEM
  remote: https://rubygems.org/
  specs:
    citrus (3.0.2)
    crass (1.0.2)
    kramdown (1.13.1)
    mini_portile2 (2.1.0)
    nokogiri (1.6.8.1)
      mini_portile2 (~> 2.1.0)
    nokogumbo (1.4.10)
      nokogiri
    rack (2.0.1)
    rinku (2.0.2)
    ruby-oembed (0.10.1)
    sanitize (4.4.0)
      crass (~> 1.0.2)
      nokogiri (>= 1.4.4)
      nokogumbo (~> 1.4.1)
    sass (3.4.22)
    slim (3.0.7)
      temple (~> 0.7.6)
      tilt (>= 1.3.3, < 2.1)
    slodown (0.3.0)
      kramdown (>= 1.5.0)
      rinku (>= 1.7.0)
      ruby-oembed (>= 0.9.0)
      sanitize (>= 2.0.0)
    temple (0.7.7)
    tilt (2.0.5)
    toml-rb (0.3.15)
      citrus (~> 3.0, > 3.0)

PLATFORMS
  ruby

DEPENDENCIES
  flutterby!

RUBY VERSION
   ruby 2.3.3p222

BUNDLED WITH
   1.13.6
